GEM
  remote: https://rubygems.org/
  specs:
    activemodel (6.1.7.10)
      activesupport (= 6.1.7.10)
    activerecord (6.1.7.10)
      activemodel (= 6.1.7.10)
      activesupport (= 6.1.7.10)
    activesupport (6.1.7.10)
      concurrent-ruby (~> 1.0, >= 1.0.2)
      i18n (>= 1.6, < 2)
      minitest (>= 5.1)
      tzinfo (~> 2.0)
      zeitwerk (~> 2.3)
    bigdecimal (3.2.2)
    concurrent-ruby (1.3.5)
    fileutils (1.7.3)
    i18n (1.14.7)
      concurrent-ruby (~> 1.0)
    minitest (5.25.5)
    rake (13.3.0)
    sqlite3 (1.7.3-x86_64-darwin)
    tk (0.4.0)
    tzinfo (2.0.6)
      concurrent-ruby (~> 1.0)
    zeitwerk (2.6.18)

PLATFORMS
  x86_64-darwin-19

DEPENDENCIES
  activerecord (~> 6.1)
  bigdecimal
  fileutils
  rake (~> 13.0)
  sqlite3 (~> 1.6)
  tk (~> 0.4.0)

BUNDLED WITH
   2.7.1
